GEM
  remote: http://rubygems.org/
  specs:
    activesupport (3.2.8)
      i18n (~> 0.6)
      multi_json (~> 1.0)
    bindata (1.4.5)
    blather (0.8.0)
      activesupport (>= 2.3.11)
      eventmachine (>= 0.12.6)
      girl_friday
      niceogiri (~> 1.0)
      nokogiri (~> 1.5.5)
    cinch (2.0.3)
    connection_pool (0.9.2)
    eventmachine (0.12.10)
    ffi (1.1.5)
    ffi-zlib (0.2.0)
      ffi
    girl_friday (0.10.0)
      connection_pool (~> 0.9.0)
    i18n (0.6.1)
    mail (2.4.4)
      i18n (>= 0.4.0)
      mime-types (~> 1.16)
      treetop (~> 1.4.8)
    mime-types (1.19)
    multi_json (1.3.6)
    net-dns (0.7.1)
    net-ldap (0.2.2)
    net-ping (1.5.3)
      ffi (>= 1.0.0)
      net-ldap (~> 0.2.2)
    net-ssh (2.5.2)
    niceogiri (1.0.2)
      nokogiri (~> 1.4)
    nokogiri (1.5.5)
    onstomp (1.0.7)
    polyglot (0.3.3)
    spdy (0.0.3)
      bindata
      ffi-zlib
    treetop (1.4.10)
      polyglot
      polyglot (>= 0.3.1)

PLATFORMS
  ruby

DEPENDENCIES
  blather
  cinch
  mail
  net-dns
  net-ping
  net-ssh
  onstomp
  spdy
